GEM
  remote: https://rubygems.org/
  specs:
    autoprefixer-rails (6.3.2)
      execjs
      json
    bootstrap (4.0.0.alpha3)
      autoprefixer-rails (>= 6.0.3)
      sass (>= 3.4.19)
    chunky_png (1.3.5)
    compass (1.0.3)
      chunky_png (~> 1.2)
      compass-core (~> 1.0.2)
      compass-import-once (~> 1.0.5)
      rb-fsevent (>= 0.9.3)
      rb-inotify (>= 0.9)
      sass (>= 3.3.13, < 3.5)
    compass-core (1.0.3)
      multi_json (~> 1.0)
      sass (>= 3.3.0, < 3.5)
    compass-import-once (1.0.5)
      sass (>= 3.2, < 3.5)
    execjs (2.6.0)
    ffi (1.9.10)
    font-awesome-sass (4.5.0)
      sass (>= 3.2)
    json (1.8.1)
    multi_json (1.11.2)
    rb-fsevent (0.9.7)
    rb-inotify (0.9.7)
      ffi (>= 0.5.0)
    sass (3.4.21)

PLATFORMS
  ruby

DEPENDENCIES
  bootstrap (= 4.0.0.alpha3)
  compass (= 1.0.3)
  compass-core (= 1.0.3)
  compass-import-once (= 1.0.5)
  font-awesome-sass (= 4.5.0)
  sass (= 3.4.21)

BUNDLED WITH
   1.11.2
